GEM
  remote: https://rubygems.org/
  specs:
    concurrent-ruby (1.1.6)
    et-orbi (1.2.4)
      tzinfo
    fugit (1.3.3)
      et-orbi (~> 1.1, >= 1.1.8)
      raabro (~> 1.1)
    mono_logger (1.1.0)
    multi_json (1.14.1)
    mustermann (1.1.1)
      ruby2_keywords (~> 0.0.1)
    raabro (1.1.6)
    rack (2.2.6.4)
    rack-protection (2.0.8.1)
      rack
    redis (4.1.3)
    redis-namespace (1.7.0)
      redis (>= 3.0.4)
    resque (2.0.0)
      mono_logger (~> 1.0)
      multi_json (~> 1.0)
      redis-namespace (~> 1.6)
      sinatra (>= 0.9.2)
      vegas (~> 0.1.2)
    resque-scheduler (4.4.0)
      mono_logger (~> 1.0)
      redis (>= 3.3)
      resque (>= 1.26)
      rufus-scheduler (~> 3.2)
    ruby2_keywords (0.0.2)
    rufus-scheduler (3.6.0)
      fugit (~> 1.1, >= 1.1.6)
    sinatra (2.0.8.1)
      mustermann (~> 1.0)
      rack (~> 2.0)
      rack-protection (= 2.0.8.1)
      tilt (~> 2.0)
    tilt (2.0.10)
    tzinfo (2.0.2)
      concurrent-ruby (~> 1.0)
    vegas (0.1.11)
      rack (>= 1.0.0)

PLATFORMS
  ruby

DEPENDENCIES
  rack (>= 2.2.3)
  resque
  resque-scheduler

BUNDLED WITH
   1.16.0
